GEM
  remote: https://rubygems.org/
  specs:
    execjs (2.7.0)
    uglifier (4.1.20)
      execjs (>= 0.3.0, < 3)

PLATFORMS
  ruby

DEPENDENCIES
  uglifier

RUBY VERSION
   ruby 2.6.3p62

BUNDLED WITH
   2.0.2
