GEM
  remote: https://rubygems.org/
  specs:
    execjs (2.7.0)

PLATFORMS
  ruby

DEPENDENCIES
  execjs

RUBY VERSION
   ruby 2.6.3p62

BUNDLED WITH
   1.17.3
